GIT
  remote: https://github.com/everypolitician/everypolitician-popolo.git
  revision: 40dc460d8340df9ae78469b755ce73b4fd074ce3
  specs:
    everypolitician-popolo (0.8.0)
      require_all

GIT
  remote: https://github.com/everypolitician/everypolitician-ruby.git
  revision: 2c6655515da7fe3c2238692314cd58eb05df6c02
  specs:
    everypolitician (0.18.0)
      everypolitician-popolo

GEM
  remote: https://rubygems.org/
  specs:
    addressable (2.3.8)
    ast (2.3.0)
    axiom-types (0.1.1)
      descendants_tracker (~> 0.0.4)
      ice_nine (~> 0.11.0)
      thread_safe (~> 0.3, >= 0.3.1)
    bundler-audit (0.5.0)
      bundler (~> 1.2)
      thor (~> 0.18)
    codeclimate-engine-rb (0.3.1)
      virtus (~> 1.0)
    coderay (1.1.0)
    coercible (1.0.0)
      descendants_tracker (~> 0.0.1)
    crack (0.4.3)
      safe_yaml (~> 1.0.0)
    descendants_tracker (0.0.4)
      thread_safe (~> 0.3, >= 0.3.1)
    dotenv (2.0.1)
    equalizer (0.0.11)
    faraday (0.9.1)
      multipart-post (>= 1.2, < 3)
    flog (4.4.0)
      path_expander (~> 1.0)
      ruby_parser (~> 3.1, > 3.1.0)
      sexp_processor (~> 4.4)
    hashdiff (0.3.0)
    html_validation (1.1.3)
    ice_nine (0.11.2)
    iso_country_codes (0.7.1)
    json (1.8.2)
    method_source (0.8.2)
    mini_portile2 (2.1.0)
    minitest (5.9.0)
    multipart-post (2.0.0)
    nokogiri (1.6.8)
      mini_portile2 (~> 2.1.0)
      pkg-config (~> 1.1.7)
    octokit (3.8.0)
      sawyer (~> 0.6.0, >= 0.5.3)
    parser (2.3.3.1)
      ast (~> 2.2)
    path_expander (1.0.0)
    pkg-config (1.1.7)
    powerpack (0.1.1)
    pry (0.10.1)
      coderay (~> 1.1.0)
      method_source (~> 0.8.1)
      slop (~> 3.4)
    puma (3.1.0)
    rack (1.6.4)
    rack-protection (1.5.3)
      rack
    rack-test (0.6.3)
      rack (>= 1.0)
    rainbow (2.2.1)
    rake (10.4.2)
    redcarpet (3.2.3)
    reek (4.4.0)
      codeclimate-engine-rb (~> 0.3.1)
      parser (~> 2.3.1, >= 2.3.1.2)
      rainbow (~> 2.0)
    require_all (1.3.3)
    rubocop (0.46.0)
      parser (>= 2.3.1.1, < 3.0)
      powerpack (~> 0.1)
      rainbow (>= 1.99.1, < 3.0)
      ruby-progressbar (~> 1.7)
      unicode-display_width (~> 1.0, >= 1.0.1)
    ruby-progressbar (1.8.1)
    ruby_parser (3.8.2)
      sexp_processor (~> 4.1)
    safe_yaml (1.0.4)
    sass (3.4.13)
    sawyer (0.6.0)
      addressable (~> 2.3.5)
      faraday (~> 0.8, < 0.10)
    sexp_processor (4.7.0)
    sinatra (1.4.7)
      rack (~> 1.5)
      rack-protection (~> 1.4)
      tilt (>= 1.3, < 3)
    slop (3.6.0)
    thor (0.19.1)
    thread_safe (0.3.5)
    tilt (2.0.5)
    unicode-display_width (1.1.2)
    virtus (1.0.5)
      axiom-types (~> 0.1)
      coercible (~> 1.0)
      descendants_tracker (~> 0.0, >= 0.0.3)
      equalizer (~> 0.0, >= 0.0.9)
    webmock (2.0.3)
      addressable (>= 2.3.6)
      crack (>= 0.3.2)
      hashdiff
    yajl-ruby (1.2.1)
    yard (0.9.5)

PLATFORMS
  ruby

DEPENDENCIES
  bundler-audit
  dotenv
  everypolitician (~> 0.18.0)!
  everypolitician-popolo!
  flog
  html_validation
  iso_country_codes
  json
  minitest
  nokogiri (>= 1.6.7)
  octokit
  pry
  puma
  rack (~> 1.6.2)
  rack-test
  rake
  redcarpet (~> 3.2.3)
  reek
  require_all
  rubocop
  sass
  sinatra
  webmock
  yajl-ruby
  yard

RUBY VERSION
   ruby 2.3.1p112

BUNDLED WITH
   1.13.4
