GIT
  remote: git://github.com/everypolitician/everypolitician-popolo.git
  revision: 4e6e75ddfece32889243595e7305ba9007e3c8b4
  specs:
    everypolitician-popolo (0.5.0)

GIT
  remote: git://github.com/everypolitician/everypolitician-ruby.git
  revision: dd630850b8a4659269d6f70705c28b3b3afb20a5
  specs:
    everypolitician (0.14.0)
      everypolitician-popolo

GIT
  remote: git://github.com/sinatra/sinatra.git
  revision: 29c51d12fdd91ee254e51d4ce099535fcb6ea1a9
  specs:
    sinatra (1.4.6)
      rack (~> 1.4)
      rack-protection (~> 1.4)
      tilt (>= 1.3, < 3)

GEM
  remote: https://rubygems.org/
  specs:
    addressable (2.3.8)
    ast (2.3.0)
    coderay (1.1.0)
    crack (0.4.3)
      safe_yaml (~> 1.0.0)
    dotenv (2.0.1)
    faraday (0.9.1)
      multipart-post (>= 1.2, < 3)
    hashdiff (0.3.0)
    iso_country_codes (0.7.1)
    json (1.8.2)
    method_source (0.8.2)
    mini_portile2 (2.1.0)
    minitest (5.9.0)
    multipart-post (2.0.0)
    nokogiri (1.6.8)
      mini_portile2 (~> 2.1.0)
      pkg-config (~> 1.1.7)
    octokit (3.8.0)
      sawyer (~> 0.6.0, >= 0.5.3)
    parser (2.3.1.2)
      ast (~> 2.2)
    pkg-config (1.1.7)
    powerpack (0.1.1)
    pry (0.10.1)
      coderay (~> 1.1.0)
      method_source (~> 0.8.1)
      slop (~> 3.4)
    puma (3.1.0)
    rack (1.6.0)
    rack-protection (1.5.3)
      rack
    rack-test (0.6.3)
      rack (>= 1.0)
    rainbow (2.1.0)
    rake (10.4.2)
    redcarpet (3.2.2)
    require_all (1.3.3)
    rubocop (0.42.0)
      parser (>= 2.3.1.1, < 3.0)
      powerpack (~> 0.1)
      rainbow (>= 1.99.1, < 3.0)
      ruby-progressbar (~> 1.7)
      unicode-display_width (~> 1.0, >= 1.0.1)
    ruby-progressbar (1.8.1)
    safe_yaml (1.0.4)
    sass (3.4.13)
    sawyer (0.6.0)
      addressable (~> 2.3.5)
      faraday (~> 0.8, < 0.10)
    slop (3.6.0)
    tilt (1.4.1)
    unicode-display_width (1.1.0)
    vcr (3.0.3)
    webmock (2.0.3)
      addressable (>= 2.3.6)
      crack (>= 0.3.2)
      hashdiff
    yajl-ruby (1.2.1)

PLATFORMS
  ruby

DEPENDENCIES
  dotenv
  everypolitician (~> 0.14.0)!
  everypolitician-popolo!
  iso_country_codes
  json
  minitest
  nokogiri (>= 1.6.7)
  octokit
  pry
  puma
  rack-test
  rake
  redcarpet
  require_all
  rubocop
  sass
  sinatra!
  vcr
  webmock
  yajl-ruby

RUBY VERSION
   ruby 2.0.0p481

BUNDLED WITH
   1.12.5
